{
	"Modality": "MR",
	"MagneticFieldStrength": 3,
	"ImagingFrequency": 123.251,
	"Manufacturer": "Siemens",
	"ManufacturersModelName": "Prisma",
	"InstitutionName": "CiNet",
	"InstitutionalDepartmentName": "kansai",
	"InstitutionAddress": "Yamadaoka_1-4_Suita-shi_Osaka_JP_565-0871",
	"DeviceSerialNumber": "66083",
	"StationName": "AWP66083",
	"BodyPartExamined": "BRAIN",
	"PatientPosition": "HFS",
	"ProcedureStepDescription": "NICT_Nishimoto",
	"SoftwareVersions": "syngo_MR_E11",
	"MRAcquisitionType": "3D",
	"SeriesDescription": "t1_mpr_sag_p2_iso_1.0mm_SN",
	"ProtocolName": "t1_mpr_sag_p2_iso_1.0mm_SN",
	"ScanningSequence": "GR_IR",
	"SequenceVariant": "SK_SP_MP",
	"ScanOptions": "IR",
	"SequenceName": "_tfl3d1rr16ns",
	"ImageType": ["ORIGINAL", "PRIMARY", "M", "ND", "NORM"],
	"SeriesNumber": 13,
	"AcquisitionTime": "11:47:15.390000",
	"AcquisitionNumber": 1,
	"SliceThickness": 1,
	"SAR": 0.044905,
	"EchoTime": 0.00326,
	"RepetitionTime": 2.53,
	"InversionTime": 1.2,
	"FlipAngle": 9,
	"PartialFourier": 1,
	"BaseResolution": 256,
	"ShimSetting": [
		-2555,
		-651,
		-1915,
		244,
		-22,
		-470,
		-123,
		3	],
	"TxRefAmp": 218.992,
	"PhaseResolution": 1,
	"ReceiveCoilName": "HeadNeck_64",
	"ReceiveCoilActiveElements": "HC1-7;NC1",
	"PulseSequenceDetails": "%SiemensSeq%_tfl",
	"RefLinesPE": 32,
	"ConsistencyInfo": "N4_VE11C_LATEST_20160120",
	"PercentPhaseFOV": 100,
	"PhaseEncodingSteps": 255,
	"AcquisitionMatrixPE": 256,
	"ReconMatrixPE": 256,
	"ParallelReductionFactorInPlane": 2,
	"PixelBandwidth": 200,
	"DwellTime": 9.8e-06,
	"ImageOrientationPatientDICOM": [
		-0.0047774,
		0.999694,
		-0.0242535,
		0.0187521,
		-0.0241599,
		-0.999532	],
	"InPlanePhaseEncodingDirectionDICOM": "ROW",
	"ConversionSoftware": "dcm2niix",
	"ConversionSoftwareVersion": "v1.0.20190902"
}
