{
	"Modality": "MR",
	"MagneticFieldStrength": 3,
	"ImagingFrequency": 123.251,
	"Manufacturer": "Siemens",
	"ManufacturersModelName": "Prisma",
	"InstitutionName": "CiNet",
	"InstitutionalDepartmentName": "kansai",
	"InstitutionAddress": "Yamadaoka_1-4_Suita-shi_Osaka_JP_565-0871",
	"DeviceSerialNumber": "66083",
	"StationName": "AWP66083",
	"BodyPartExamined": "BRAIN",
	"PatientPosition": "HFS",
	"ProcedureStepDescription": "NICT_Nishimoto",
	"SoftwareVersions": "syngo_MR_E11",
	"MRAcquisitionType": "2D",
	"SeriesDescription": "mbep2d_MB3_TR2_2mm_PF6_75sl_296",
	"ProtocolName": "mbep2d_MB3_TR2_2mm_PF6_75sl_296",
	"ScanningSequence": "EP",
	"SequenceVariant": "SK_SS",
	"ScanOptions": "PFP_FS_EXT",
	"SequenceName": "epfid2d1_96",
	"ImageType": ["ORIGINAL", "PRIMARY", "M", "MB", "ND", "NORM", "MOSAIC"],
	"SeriesNumber": 11,
	"AcquisitionTime": "16:23:27.470000",
	"AcquisitionNumber": 1,
	"ImageComments": "Unaliased_MB3_PE3",
	"SliceThickness": 2,
	"SpacingBetweenSlices": 2,
	"SAR": 0.0620376,
	"EchoTime": 0.03,
	"RepetitionTime": 2,
	"FlipAngle": 75,
	"PartialFourier": 0.75,
	"BaseResolution": 96,
	"ShimSetting": [
		-2563,
		-588,
		-1914,
		273,
		-20,
		-263,
		-118,
		33	],
	"TxRefAmp": 217.747,
	"PhaseResolution": 1,
	"ReceiveCoilName": "HeadNeck_64",
	"ReceiveCoilActiveElements": "HC1-7",
	"PulseSequenceDetails": "%CustomerSeq%_cmrr_mbep2d_bold",
	"WipMemBlock": "cc051ce4-933c-48c6-a5dc-3739cdf1544d||Sequence: ve11c/master r/ab69a6c; Apr 19 2017 09:47:47 by eja",
	"ConsistencyInfo": "N4_VE11C_LATEST_20160120",
	"MultibandAccelerationFactor": 3,
	"PercentPhaseFOV": 100,
	"EchoTrainLength": 72,
	"PhaseEncodingSteps": 72,
	"AcquisitionMatrixPE": 96,
	"ReconMatrixPE": 96,
	"BandwidthPerPixelPhaseEncode": 15.319,
	"EffectiveEchoSpacing": 0.000679983,
	"DerivedVendorReportedEchoSpacing": 0.000679983,
	"TotalReadoutTime": 0.0645984,
	"PixelBandwidth": 1735,
	"DwellTime": 3e-06,
	"PhaseEncodingDirection": "j-",
	"SliceTiming": [
		0,
		1.03,
		0.08,
		1.1075,
		0.1575,
		1.1875,
		0.2375,
		1.2675,
		0.3175,
		1.345,
		0.395,
		1.425,
		0.475,
		1.505,
		0.555,
		1.585,
		0.6325,
		1.6625,
		0.7125,
		1.7425,
		0.7925,
		1.8225,
		0.87,
		1.9,
		0.95,
		0,
		1.03,
		0.08,
		1.1075,
		0.1575,
		1.1875,
		0.2375,
		1.2675,
		0.3175,
		1.345,
		0.395,
		1.425,
		0.475,
		1.505,
		0.555,
		1.585,
		0.6325,
		1.6625,
		0.7125,
		1.7425,
		0.7925,
		1.8225,
		0.87,
		1.9,
		0.95,
		0,
		1.03,
		0.08,
		1.1075,
		0.1575,
		1.1875,
		0.2375,
		1.2675,
		0.3175,
		1.345,
		0.395,
		1.425,
		0.475,
		1.505,
		0.555,
		1.585,
		0.6325,
		1.6625,
		0.7125,
		1.7425,
		0.7925,
		1.8225,
		0.87,
		1.9,
		0.95	],
	"ImageOrientationPatientDICOM": [
		0.998923,
		0.0429872,
		0.0174574,
		-0.0423913,
		0.99855,
		-0.0331797	],
	"InPlanePhaseEncodingDirectionDICOM": "COL",
	"ConversionSoftware": "dcm2niix",
	"ConversionSoftwareVersion": "v1.0.20190902"
}
