{
	"Modality": "MR",
	"MagneticFieldStrength": 3,
	"ImagingFrequency": 123.251,
	"Manufacturer": "Siemens",
	"ManufacturersModelName": "Prisma",
	"InstitutionName": "CiNet",
	"InstitutionalDepartmentName": "kansai",
	"InstitutionAddress": "Yamadaoka_1-4_Suita-shi_Osaka_JP_565-0871",
	"DeviceSerialNumber": "66083",
	"StationName": "AWP66083",
	"BodyPartExamined": "BRAIN",
	"PatientPosition": "HFS",
	"ProcedureStepDescription": "NICT_Nishimoto",
	"SoftwareVersions": "syngo_MR_E11",
	"MRAcquisitionType": "2D",
	"SeriesDescription": "mbep2d_MB3_TR2_2mm_PF6_75sl_296",
	"ProtocolName": "mbep2d_MB3_TR2_2mm_PF6_75sl_296",
	"ScanningSequence": "EP",
	"SequenceVariant": "SK_SS",
	"ScanOptions": "PFP_FS_EXT",
	"SequenceName": "epfid2d1_96",
	"ImageType": ["ORIGINAL", "PRIMARY", "M", "MB", "ND", "NORM", "MOSAIC"],
	"SeriesNumber": 7,
	"AcquisitionTime": "13:28:4.900000",
	"AcquisitionNumber": 1,
	"ImageComments": "Unaliased_MB3_PE3",
	"SliceThickness": 2,
	"SpacingBetweenSlices": 2,
	"SAR": 0.0688905,
	"EchoTime": 0.03,
	"RepetitionTime": 2,
	"FlipAngle": 75,
	"PartialFourier": 0.75,
	"BaseResolution": 96,
	"ShimSetting": [
		-2569,
		-605,
		-1891,
		284,
		-44,
		-290,
		9,
		-10	],
	"TxRefAmp": 234.641,
	"PhaseResolution": 1,
	"ReceiveCoilName": "HeadNeck_64",
	"ReceiveCoilActiveElements": "HC1-7;NC1",
	"PulseSequenceDetails": "%CustomerSeq%_cmrr_mbep2d_bold",
	"WipMemBlock": "6a3a26e7-8b07-4f22-ae94-5f4b1479ec23||Sequence: R016 ve11c/master r/e634e98; Dec 19 2017 11:00:25 by eja",
	"ConsistencyInfo": "N4_VE11C_LATEST_20160120",
	"MultibandAccelerationFactor": 3,
	"PercentPhaseFOV": 100,
	"EchoTrainLength": 72,
	"PhaseEncodingSteps": 72,
	"AcquisitionMatrixPE": 96,
	"ReconMatrixPE": 96,
	"BandwidthPerPixelPhaseEncode": 15.319,
	"EffectiveEchoSpacing": 0.000679983,
	"DerivedVendorReportedEchoSpacing": 0.000679983,
	"TotalReadoutTime": 0.0645984,
	"PixelBandwidth": 1735,
	"DwellTime": 3e-06,
	"PhaseEncodingDirection": "j-",
	"SliceTiming": [
		0,
		1.03,
		0.08,
		1.11,
		0.16,
		1.19,
		0.2375,
		1.2675,
		0.3175,
		1.3475,
		0.3975,
		1.4275,
		0.475,
		1.505,
		0.555,
		1.585,
		0.635,
		1.665,
		0.715,
		1.7425,
		0.7925,
		1.8225,
		0.8725,
		1.9025,
		0.9525,
		0,
		1.03,
		0.08,
		1.11,
		0.16,
		1.19,
		0.2375,
		1.2675,
		0.3175,
		1.3475,
		0.3975,
		1.4275,
		0.475,
		1.505,
		0.555,
		1.585,
		0.635,
		1.665,
		0.715,
		1.7425,
		0.7925,
		1.8225,
		0.8725,
		1.9025,
		0.9525,
		0,
		1.03,
		0.08,
		1.11,
		0.16,
		1.19,
		0.2375,
		1.2675,
		0.3175,
		1.3475,
		0.3975,
		1.4275,
		0.475,
		1.505,
		0.555,
		1.585,
		0.635,
		1.665,
		0.715,
		1.7425,
		0.7925,
		1.8225,
		0.8725,
		1.9025,
		0.9525	],
	"ImageOrientationPatientDICOM": [
		0.999962,
		-0.00629422,
		-0.00598367,
		0.0057594,
		0.996318,
		-0.0855422	],
	"InPlanePhaseEncodingDirectionDICOM": "COL",
	"ConversionSoftware": "dcm2niix",
	"ConversionSoftwareVersion": "v1.0.20190902"
}
