{
	"Modality": "MR",
	"MagneticFieldStrength": 3,
	"ImagingFrequency": 123.25,
	"Manufacturer": "Siemens",
	"ManufacturersModelName": "Prisma",
	"InstitutionName": "CiNet",
	"InstitutionalDepartmentName": "kansai",
	"InstitutionAddress": "Yamadaoka_1-4_Suita-shi_Osaka_JP_565-0871",
	"DeviceSerialNumber": "66083",
	"StationName": "AWP66083",
	"BodyPartExamined": "BRAIN",
	"PatientPosition": "HFS",
	"ProcedureStepDescription": "NICT_Nishimoto",
	"SoftwareVersions": "syngo_MR_E11",
	"MRAcquisitionType": "2D",
	"SeriesDescription": "mbep2d_MB3_TR2_2mm_PF6_75sl_296",
	"ProtocolName": "mbep2d_MB3_TR2_2mm_PF6_75sl_296",
	"ScanningSequence": "EP",
	"SequenceVariant": "SK_SS",
	"ScanOptions": "PFP_FS_EXT",
	"SequenceName": "epfid2d1_96",
	"ImageType": ["ORIGINAL", "PRIMARY", "M", "MB", "ND", "NORM", "MOSAIC"],
	"SeriesNumber": 8,
	"AcquisitionTime": "15:41:23.422500",
	"AcquisitionNumber": 1,
	"ImageComments": "Unaliased_MB3_PE3",
	"SliceThickness": 2,
	"SpacingBetweenSlices": 2,
	"SAR": 0.0728256,
	"EchoTime": 0.03,
	"RepetitionTime": 2,
	"FlipAngle": 75,
	"PartialFourier": 0.75,
	"BaseResolution": 96,
	"ShimSetting": [
		-2583,
		-559,
		-1898,
		305,
		-86,
		-368,
		-138,
		32	],
	"TxRefAmp": 218.346,
	"PhaseResolution": 1,
	"ReceiveCoilName": "HeadNeck_64",
	"ReceiveCoilActiveElements": "HC1-7;NC1",
	"PulseSequenceDetails": "%CustomerSeq%_cmrr_mbep2d_bold",
	"WipMemBlock": "66247c5d-937f-44dd-ba43-9f55cf89c420||Sequence: R016 ve11c/master r/8780670; Nov 27 2017 15:05:12 by eja",
	"ConsistencyInfo": "N4_VE11C_LATEST_20160120",
	"MultibandAccelerationFactor": 3,
	"PercentPhaseFOV": 100,
	"EchoTrainLength": 72,
	"PhaseEncodingSteps": 72,
	"AcquisitionMatrixPE": 96,
	"ReconMatrixPE": 96,
	"BandwidthPerPixelPhaseEncode": 15.319,
	"EffectiveEchoSpacing": 0.000679983,
	"DerivedVendorReportedEchoSpacing": 0.000679983,
	"TotalReadoutTime": 0.0645984,
	"PixelBandwidth": 1735,
	"DwellTime": 3e-06,
	"PhaseEncodingDirection": "j-",
	"SliceTiming": [
		0,
		1.03,
		0.0775,
		1.1075,
		0.1575,
		1.1875,
		0.2375,
		1.2675,
		0.3175,
		1.345,
		0.395,
		1.425,
		0.475,
		1.505,
		0.555,
		1.5825,
		0.6325,
		1.6625,
		0.7125,
		1.7425,
		0.7925,
		1.82,
		0.87,
		1.9,
		0.95,
		0,
		1.03,
		0.0775,
		1.1075,
		0.1575,
		1.1875,
		0.2375,
		1.2675,
		0.3175,
		1.345,
		0.395,
		1.425,
		0.475,
		1.505,
		0.555,
		1.5825,
		0.6325,
		1.6625,
		0.7125,
		1.7425,
		0.7925,
		1.82,
		0.87,
		1.9,
		0.95,
		0,
		1.03,
		0.0775,
		1.1075,
		0.1575,
		1.1875,
		0.2375,
		1.2675,
		0.3175,
		1.345,
		0.395,
		1.425,
		0.475,
		1.505,
		0.555,
		1.5825,
		0.6325,
		1.6625,
		0.7125,
		1.7425,
		0.7925,
		1.82,
		0.87,
		1.9,
		0.95	],
	"ImageOrientationPatientDICOM": [
		0.998864,
		-0.0446891,
		-0.0165197,
		0.0415155,
		0.986497,
		-0.158433	],
	"InPlanePhaseEncodingDirectionDICOM": "COL",
	"ConversionSoftware": "dcm2niix",
	"ConversionSoftwareVersion": "v1.0.20190902"
}
